GEM
  remote: http://rubygems.org/
  specs:
    RedCloth (4.2.2)
    builder (2.1.2)
    haml (2.2.20)
    hoe (2.12.3)
      rake (~> 0.8)
    hpricot (0.8.2)
    maruku (0.6.0)
      syntax (>= 1.0.0)
    rack (1.3.5)
    rack-test (0.5.3)
      rack (>= 1.0)
    rake (0.9.2.2)
    rspec (1.3.0)
    rspec_hpricot_matchers (1.0)
    shotgun (0.9)
      rack (>= 1.0)
    sinatra (0.9.4)
      rack (>= 0.9.1)
    syntax (1.0.0)
    test-unit (1.2.3)
      hoe (>= 1.5.1)

PLATFORMS
  ruby

DEPENDENCIES
  RedCloth (= 4.2.2)
  builder (= 2.1.2)
  haml (= 2.2.20)
  hpricot (= 0.8.2)
  maruku (= 0.6.0)
  rack-test (= 0.5.3)
  rspec (= 1.3.0)
  rspec_hpricot_matchers (= 1.0)
  shotgun
  sinatra (= 0.9.4)
  test-unit (= 1.2.3)
